PATH
  remote: .
  specs:
    watir-classic (3.7.0)
      ffi (~> 1.0)
      multi_json
      nokogiri (>= 1.5.7.rc3)
      rautomation (~> 0.7)
      win32-process (>= 0.5.5)
      win32screenshot
      windows-pr (>= 0.6.6)

GEM
  remote: https://rubygems.org/
  specs:
    childprocess (0.3.9)
      ffi (~> 1.0, >= 1.0.11)
    diff-lcs (1.2.1)
    ffi (1.8.1-x86-mingw32)
    mini_magick (3.5.0)
      subexec (~> 0.2.1)
    mini_portile (0.5.1)
    multi_json (1.8.0)
    nokogiri (1.6.0-x86-mingw32)
      mini_portile (~> 0.5.0)
    rack (1.5.2)
    rack-protection (1.4.0)
      rack
    rake (10.1.0)
    rautomation (0.12.0)
      ffi
    rspec (2.13.0)
      rspec-core (~> 2.13.0)
      rspec-expectations (~> 2.13.0)
      rspec-mocks (~> 2.13.0)
    rspec-core (2.13.0)
    rspec-expectations (2.13.0)
      diff-lcs (>= 1.1.3, < 2.0)
    rspec-mocks (2.13.0)
    sinatra (1.3.5)
      rack (~> 1.4)
      rack-protection (~> 1.3)
      tilt (~> 1.3, >= 1.3.3)
    subexec (0.2.3)
    syntax (1.0.0)
    tilt (1.3.4)
    win32-api (1.5.0-x86-mingw32)
    win32-process (0.7.2)
      ffi (>= 1.0.0)
    win32screenshot (1.0.8)
      ffi (~> 1.0)
      mini_magick (~> 3.2)
      rautomation (~> 0.7)
    windows-api (0.4.2)
      win32-api (>= 1.4.5)
    windows-pr (1.2.2)
      win32-api (>= 1.4.5)
      windows-api (>= 0.3.0)
    yard (0.8.5.2)

PLATFORMS
  x86-mingw32

DEPENDENCIES
  childprocess
  rake
  rspec (~> 2.3)
  sinatra
  syntax
  watir-classic!
  yard
